GEM
  remote: https://rubygems.org/
  specs:
    activemodel (4.1.5)
      activesupport (= 4.1.5)
      builder (~> 3.1)
    activerecord (4.1.5)
      activemodel (= 4.1.5)
      activesupport (= 4.1.5)
      arel (~> 5.0.0)
    activesupport (4.1.5)
      i18n (~> 0.6, >= 0.6.9)
      json (~> 1.7, >= 1.7.7)
      minitest (~> 5.1)
      thread_safe (~> 0.1)
      tzinfo (~> 1.1)
    addressable (2.3.6)
    arel (5.0.1.20140414130214)
    builder (3.2.2)
    celluloid (0.15.2)
      timers (~> 1.1.0)
    climate_control (0.0.3)
      activesupport (>= 3.0)
    cocaine (0.5.4)
      climate_control (>= 0.0.3, < 1.0)
    connection_pool (2.0.0)
    friendly_id (5.0.4)
      activerecord (>= 4.0.0)
    geocoder (1.2.4)
    i18n (0.6.11)
    json (1.8.1)
    mime-types (2.4.2)
    minitest (5.4.2)
    mysql2 (0.3.16)
    paperclip (4.2.0)
      activemodel (>= 3.0.0)
      activesupport (>= 3.0.0)
      cocaine (~> 0.5.3)
      mime-types
    rack (1.5.2)
    rake (10.3.2)
    redis (3.1.0)
    redis-namespace (1.5.1)
      redis (~> 3.0, >= 3.0.4)
    sidekiq (3.2.5)
      celluloid (= 0.15.2)
      connection_pool (>= 2.0.0)
      json
      redis (>= 3.0.6)
      redis-namespace (>= 1.3.1)
    thread_safe (0.3.4)
    timers (1.1.0)
    tzinfo (1.2.2)
      thread_safe (~> 0.1)

PLATFORMS
  ruby

DEPENDENCIES
  activerecord (= 4.1.5)
  activesupport (= 4.1.5)
  addressable (= 2.3.6)
  friendly_id (= 5.0.4)
  geocoder (= 1.2.4)
  mysql2 (= 0.3.16)
  paperclip (= 4.2.0)
  rack (= 1.5.2)
  rake (= 10.3.2)
  redis (= 3.1.0)
  sidekiq (= 3.2.5)
